GIT
  remote: git://github.com/franck/copy.git
  revision: 40fffc3220a0fb81ba93c0b5b49c9ff54a9e70c9
  specs:
    copy (0.2.0)
      redcarpet (~> 2.2.2)
      sinatra (~> 1.3.3)

GEM
  remote: http://rubygems.org/
  specs:
    rack (1.5.2)
    rack-protection (1.5.0)
      rack
    redcarpet (2.2.2)
    sinatra (1.3.6)
      rack (~> 1.4)
      rack-protection (~> 1.3)
      tilt (~> 1.3, >= 1.3.3)
    tilt (1.4.1)

PLATFORMS
  ruby

DEPENDENCIES
  copy!
